PATH
  remote: .
  specs:
    contentful_model (0.1.7.1)
      activesupport
      contentful (~> 0.9)
      contentful-management (~> 1.0)
      redcarpet
      require_all

GEM
  remote: https://rubygems.org/
  specs:
    activesupport (4.2.6)
      i18n (~> 0.7)
      json (~> 1.7, >= 1.7.7)
      minitest (~> 5.1)
      thread_safe (~> 0.3, >= 0.3.4)
      tzinfo (~> 1.1)
    addressable (2.4.0)
    coderay (1.1.1)
    contentful (0.9.0)
      http (~> 0.8)
      multi_json (~> 1)
    contentful-management (1.0.0)
      http (~> 0.8)
      multi_json (~> 1)
    domain_name (0.5.20160309)
      unf (>= 0.0.5, < 1.0.0)
    http (0.9.8)
      addressable (~> 2.3)
      http-cookie (~> 1.0)
      http-form_data (~> 1.0.1)
      http_parser.rb (~> 0.6.0)
    http-cookie (1.0.2)
      domain_name (~> 0.5)
    http-form_data (1.0.1)
    http_parser.rb (0.6.0)
    i18n (0.7.0)
    json (1.8.3)
    method_source (0.8.2)
    minitest (5.8.4)
    multi_json (1.11.2)
    pry (0.10.3)
      coderay (~> 1.1.0)
      method_source (~> 0.8.1)
      slop (~> 3.4)
    redcarpet (3.3.4)
    require_all (1.3.3)
    slop (3.6.0)
    thread_safe (0.3.5)
    tzinfo (1.2.2)
      thread_safe (~> 0.1)
    unf (0.1.4)
      unf_ext
    unf_ext (0.0.7.2)

PLATFORMS
  ruby

DEPENDENCIES
  contentful_model!
  pry

BUNDLED WITH
   1.11.2
